PATH
  remote: .
  specs:
    min_max_ssl (0.1.0)
      openssl (~> 2.1)

GEM
  remote: https://rubygems.org/
  specs:
    minitest (5.11.3)
    openssl (2.1.1)
    rake (12.3.1)

PLATFORMS
  ruby

DEPENDENCIES
  bundler (~> 1.16)
  min_max_ssl!
  minitest (~> 5.0)
  rake (~> 12.0)

BUNDLED WITH
   1.16.1
